PATH
  remote: .
  specs:
    aws-utils (0.0.1)
      aws-sdk (~> 1.48)
      trollop (~> 2.0)

GEM
  remote: https://rubygems.org/
  specs:
    aws-sdk (1.48.1)
      json (~> 1.4)
      nokogiri (>= 1.4.4)
    json (1.8.1)
    mini_portile (0.6.0)
    nokogiri (1.6.2.1)
      mini_portile (= 0.6.0)
    rake (10.3.2)
    trollop (2.0)

PLATFORMS
  ruby

DEPENDENCIES
  aws-utils!
  bundler (~> 1.6)
  rake
