PATH
  remote: .
  specs:
    aws-utils (0.0.1)
      aws-sdk-core (= 2.0.0.rc12)
      trollop (~> 2.0)

GEM
  remote: https://rubygems.org/
  specs:
    aws-sdk-core (2.0.0.rc12)
      builder (~> 3.0)
      jamespath
      multi_json (~> 1.0)
      multi_xml (~> 0.5)
    builder (3.2.2)
    jamespath (0.5.0)
    multi_json (1.10.1)
    multi_xml (0.5.5)
    rake (10.3.2)
    trollop (2.0)

PLATFORMS
  ruby

DEPENDENCIES
  aws-utils!
  bundler (~> 1.6)
  rake
